GEM
  remote: https://rubygems.org/
  specs:
    byebug (11.1.3)
    httparty (0.21.0)
      mini_mime (>= 1.0.0)
      multi_xml (>= 0.5.2)
    mini_mime (1.1.2)
    mini_portile2 (2.4.0)
    multi_xml (0.6.0)
    nokogiri (1.10.9)
      mini_portile2 (~> 2.4.0)
    nokogiri (1.10.9-x64-mingw32)
      mini_portile2 (~> 2.4.0)

PLATFORMS
  x64-mingw32
  x86_64-linux

DEPENDENCIES
  byebug
  httparty
  nokogiri

BUNDLED WITH
   2.1.4
